GEM
  remote: https://rubygems.org/
  specs:
    activemodel (4.0.5)
      activesupport (= 4.0.5)
      builder (~> 3.1.0)
    activesupport (4.0.5)
      i18n (~> 0.6, >= 0.6.9)
      minitest (~> 4.2)
      multi_json (~> 1.3)
      thread_safe (~> 0.1)
      tzinfo (~> 0.3.37)
    bson (2.3.0)
    bson_ext (1.5.1)
    builder (3.1.4)
    connection_pool (2.0.0)
    erubis (2.7.0)
    i18n (0.6.9)
    jdoc (0.0.6)
      erubis
      json_schema
    json_schema (0.1.4)
    mem (0.1.1)
    minitest (4.7.5)
    mongoid (4.0.0.rc1)
      activemodel (~> 4.0.0)
      moped (~> 2.0.0.rc1)
      origin (~> 2.1)
      tzinfo (>= 0.3.37)
    moped (2.0.0.rc1)
      bson (~> 2.2)
      connection_pool (~> 2.0)
      optionable (~> 0.2.0)
    multi_json (1.10.1)
    optionable (0.2.0)
    origin (2.1.1)
    rack (1.5.2)
    rack-json_schema (1.0.3)
      jdoc (>= 0.0.3)
      json_schema
      rack
    rack-mongoid (0.1.1)
      bson_ext (>= 1.5.1)
      mem (>= 0.0.5)
      mongoid (>= 4.0.0.alpha2)
      rack
      rack-multiplexer (>= 0.0.6)
    rack-multiplexer (0.0.7)
      rack
    thread_safe (0.3.4)
    tzinfo (0.3.39)

PLATFORMS
  ruby

DEPENDENCIES
  jdoc
  rack-json_schema
  rack-mongoid
